GEM
  remote: https://rubygems.org/
  specs:
    ast (2.2.0)
    coderay (1.1.1)
    dotenv (2.1.0)
    eventmachine (1.0.9.1)
    excon (0.48.0)
    faraday (0.9.2)
      multipart-post (>= 1.2, < 3)
    faraday_middleware (0.10.0)
      faraday (>= 0.7.4, < 0.10)
    faye-websocket (0.9.2)
      eventmachine (>= 0.12.0)
      websocket-driver (>= 0.5.1)
    heroku-api (0.4.2)
      excon (~> 0.45)
      multi_json (~> 1.8)
    method_source (0.8.2)
    multi_json (1.11.2)
    multipart-post (2.0.0)
    parser (2.3.0.6)
      ast (~> 2.2)
    powerpack (0.1.1)
    pry (0.10.3)
      coderay (~> 1.1.0)
      method_source (~> 0.8.1)
      slop (~> 3.4)
    rainbow (2.1.0)
    rubocop (0.38.0)
      parser (>= 2.3.0.6, < 3.0)
      powerpack (~> 0.1)
      rainbow (>= 1.99.1, < 3.0)
      ruby-progressbar (~> 1.7)
      unicode-display_width (~> 1.0, >= 1.0.1)
    ruby-progressbar (1.7.5)
    slack-api (1.2.2)
      faraday (>= 0.7, < 0.10)
      faraday_middleware (~> 0.8)
      faye-websocket (~> 0.9.2)
      multi_json (~> 1.0, >= 1.0.3)
    slop (3.6.0)
    unicode-display_width (1.0.1)
    websocket-driver (0.6.3)
      websocket-extensions (>= 0.1.0)
    websocket-extensions (0.1.2)

PLATFORMS
  ruby

DEPENDENCIES
  dotenv
  heroku-api
  pry
  rubocop
  slack-api

BUNDLED WITH
   1.11.2
